GEM
  remote: http://rubygems.org/
  specs:
    addressable (2.2.7)
    diff-lcs (1.1.3)
    faraday (0.6.1)
      addressable (~> 2.2.4)
      multipart-post (~> 1.1.0)
      rack (< 2, >= 1.1.0)
    git (1.2.5)
    jeweler (1.8.3)
      bundler (~> 1.0)
      git (>= 1.2.5)
      rake
      rdoc
    json (1.6.5)
    multipart-post (1.1.5)
    rack (1.4.1)
    rake (0.9.2.2)
    rcov (0.9.11)
    rdoc (3.12)
      json (~> 1.4)
    rspec (2.8.0)
      rspec-core (~> 2.8.0)
      rspec-expectations (~> 2.8.0)
      rspec-mocks (~> 2.8.0)
    rspec-core (2.8.0)
    rspec-expectations (2.8.0)
      diff-lcs (~> 1.1.2)
    rspec-mocks (2.8.0)

PLATFORMS
  ruby

DEPENDENCIES
  bundler (~> 1.0.0)
  faraday (~> 0.6.1)
  jeweler (~> 1.8.3)
  rcov
  rdoc (~> 3.12)
  rspec (~> 2.8.0)
